PATH
  remote: .
  specs:
    adapter-leveldb (0.1.0)
      adapter (~> 0.5.2)
      leveldb-ruby (~> 0.7)

GEM
  remote: http://rubygems.org/
  specs:
    adapter (0.5.2)
    diff-lcs (1.1.2)
    leveldb-ruby (0.7)
    rspec (2.6.0)
      rspec-core (~> 2.6.0)
      rspec-expectations (~> 2.6.0)
      rspec-mocks (~> 2.6.0)
    rspec-core (2.6.4)
    rspec-expectations (2.6.0)
      diff-lcs (~> 1.1.2)
    rspec-mocks (2.6.0)

PLATFORMS
  ruby

DEPENDENCIES
  adapter-leveldb!
  rspec (~> 2.6)
